GEM
  remote: http://rubygems.org/
  specs:
    Ascii85 (1.0.2)
    afm (0.2.0)
    haml (3.1.6)
    hashery (2.1.0)
    htmlentities (4.3.1)
    json (1.6.7)
    nokogiri (1.5.7)
    pdf-reader (1.3.2)
      Ascii85 (~> 1.0.0)
      afm (~> 0.2.0)
      hashery (~> 2.0)
      ruby-rc4
      ttfunk
    prawn (0.12.0)
      pdf-reader (>= 0.9.0)
      ttfunk (~> 1.0.2)
    rack (1.5.2)
    rack-protection (1.5.0)
      rack
    ruby-rc4 (0.1.5)
    sinatra (1.3.2)
      rack (~> 1.3, >= 1.3.6)
      rack-protection (~> 1.2)
      tilt (~> 1.3, >= 1.3.3)
    tilt (1.3.6)
    ttfunk (1.0.3)

PLATFORMS
  ruby

DEPENDENCIES
  haml (= 3.1.6)
  htmlentities (= 4.3.1)
  json (= 1.6.7)
  nokogiri (= 1.5.7)
  prawn (= 0.12.0)
  sinatra (= 1.3.2)
